RESTRICTION: || (== net472) (== netcoreapp2.2) (== netstandard2.0)
NUGET
  remote: https://api.nuget.org/v3/index.json
    Autofac (4.9.4)
    Autofac.Extensions.DependencyInjection (4.4)
      Autofac (>= 4.9.1)
      Microsoft.Extensions.DependencyInjection.Abstractions (>= 2.1)
    Be.Vlaanderen.Basisregisters.AggregateSource (3.2)
      Be.Vlaanderen.Basisregisters.Utilities.HashCodeCalculator (>= 1.1 < 2.0)
      Be.Vlaanderen.Basisregisters.Utilities.HexByteConvertor (>= 1.1 < 2.0)
      Be.Vlaanderen.Basisregisters.Utilities.ToStringBuilder (>= 1.1 < 2.0)
      Newtonsoft.Json (>= 12.0.2)
      NodaTime (>= 2.4.6)
    Be.Vlaanderen.Basisregisters.AggregateSource.SqlStreamStore (3.2)
      Be.Vlaanderen.Basisregisters.AggregateSource (3.2)
      Be.Vlaanderen.Basisregisters.EventHandling (>= 1.1 < 2.0)
      SqlStreamStore (>= 1.1.3)
    Be.Vlaanderen.Basisregisters.AggregateSource.SqlStreamStore.Autofac (3.2)
      Autofac.Extensions.DependencyInjection (>= 4.4)
      Be.Vlaanderen.Basisregisters.AggregateSource (3.2)
      Be.Vlaanderen.Basisregisters.AggregateSource.SqlStreamStore (3.2)
      SqlStreamStore (>= 1.1.3)
      SqlStreamStore.MsSql (>= 1.1.3)
    Be.Vlaanderen.Basisregisters.Build.Pipeline (1.11.1)
    Be.Vlaanderen.Basisregisters.Converters.TrimString (1.1)
      Newtonsoft.Json (>= 12.0.2)
    Be.Vlaanderen.Basisregisters.DataDog.Tracing (3.9)
      Microsoft.Extensions.Logging.Abstractions (>= 2.2)
      Newtonsoft.Json (>= 12.0.2)
      System.Reactive (>= 4.1.6)
      System.Reflection (>= 4.3)
      System.Threading.Tasks.Dataflow (>= 4.9)
    Be.Vlaanderen.Basisregisters.DataDog.Tracing.Sql (3.9)
      Be.Vlaanderen.Basisregisters.DataDog.Tracing (3.9)
      System.Data.Common (>= 4.3)
    Be.Vlaanderen.Basisregisters.EntityFrameworkCore.EntityTypeConfiguration (1.1)
      Microsoft.EntityFrameworkCore (>= 2.2.6)
    Be.Vlaanderen.Basisregisters.EventHandling (1.3)
      Be.Vlaanderen.Basisregisters.Converters.TrimString (>= 1.1 < 2.0)
      Newtonsoft.Json (>= 12.0.2)
      NodaTime.Serialization.JsonNet (>= 2.2)
    Be.Vlaanderen.Basisregisters.EventHandling.Autofac (1.3)
      Autofac.Extensions.DependencyInjection (>= 4.4)
      Be.Vlaanderen.Basisregisters.EventHandling (1.3)
    Be.Vlaanderen.Basisregisters.Utilities.HashCodeCalculator (1.1)
    Be.Vlaanderen.Basisregisters.Utilities.HexByteConvertor (1.1)
    Be.Vlaanderen.Basisregisters.Utilities.ToStringBuilder (1.1)
    CompareNETObjects (4.63)
      Microsoft.CSharp (>= 4.5) - restriction: || (&& (== net472) (< net40)) (== netcoreapp2.2) (== netstandard2.0)
    FAKE (4.64.17)
    FluentAssertions (5.9)
      System.Configuration.ConfigurationManager (>= 4.4) - restriction: || (&& (== net472) (< net45)) (&& (== net472) (>= netcoreapp2.0)) (== netcoreapp2.2) (== netstandard2.0)
    Microsoft.AspNetCore.Http.Abstractions (2.2)
      Microsoft.AspNetCore.Http.Features (>= 2.2)
      System.Text.Encodings.Web (>= 4.5)
    Microsoft.AspNetCore.Http.Features (2.2)
      Microsoft.Extensions.Primitives (>= 2.2)
    Microsoft.CodeCoverage (16.2) - restriction: || (== net472) (== netcoreapp2.2) (&& (== netstandard2.0) (>= net45)) (&& (== netstandard2.0) (>= netcoreapp1.0))
    Microsoft.CSharp (4.5)
    Microsoft.DotNet.InternalAbstractions (1.0) - restriction: || (&& (== net472) (>= netcoreapp1.0)) (== netcoreapp2.2) (&& (== netstandard2.0) (>= netcoreapp1.0))
      System.AppContext (>= 4.1) - restriction: || (&& (== net472) (< net451)) (== netcoreapp2.2) (== netstandard2.0)
      System.Collections (>= 4.0.11) - restriction: || (&& (== net472) (< net451)) (== netcoreapp2.2) (== netstandard2.0)
      System.IO (>= 4.1) - restriction: || (&& (== net472) (< net451)) (== netcoreapp2.2) (== netstandard2.0)
      System.IO.FileSystem (>= 4.0.1) - restriction: || (&& (== net472) (< net451)) (== netcoreapp2.2) (== netstandard2.0)
      System.Reflection.TypeExtensions (>= 4.1) - restriction: || (&& (== net472) (< net451)) (== netcoreapp2.2) (== netstandard2.0)
      System.Runtime.Extensions (>= 4.1) - restriction: || (&& (== net472) (< net451)) (== netcoreapp2.2) (== netstandard2.0)
      System.Runtime.InteropServices (>= 4.1) - restriction: || (&& (== net472) (< net451)) (== netcoreapp2.2) (== netstandard2.0)
      System.Runtime.InteropServices.RuntimeInformation (>= 4.0) - restriction: || (&& (== net472) (< net451)) (== netcoreapp2.2) (== netstandard2.0)
    Microsoft.EntityFrameworkCore (2.2.6)
      Microsoft.EntityFrameworkCore.Abstractions (>= 2.2.6)
      Microsoft.EntityFrameworkCore.Analyzers (>= 2.2.6)
      Microsoft.Extensions.Caching.Memory (>= 2.2)
      Microsoft.Extensions.DependencyInjection (>= 2.2)
      Microsoft.Extensions.Logging (>= 2.2)
      Remotion.Linq (>= 2.2)
      System.Collections.Immutable (>= 1.5)
      System.ComponentModel.Annotations (>= 4.5)
      System.Diagnostics.DiagnosticSource (>= 4.5)
      System.Interactive.Async (>= 3.2)
    Microsoft.EntityFrameworkCore.Abstractions (2.2.6)
    Microsoft.EntityFrameworkCore.Analyzers (2.2.6)
    Microsoft.EntityFrameworkCore.Design (2.2.6)
      Microsoft.CSharp (>= 4.5)
      Microsoft.EntityFrameworkCore.Relational (>= 2.2.6)
    Microsoft.EntityFrameworkCore.InMemory (2.2.6)
      Microsoft.EntityFrameworkCore (>= 2.2.6)
    Microsoft.EntityFrameworkCore.Relational (2.2.6)
      Microsoft.EntityFrameworkCore (>= 2.2.6)
    Microsoft.EntityFrameworkCore.SqlServer (2.2.6)
      Microsoft.EntityFrameworkCore.Relational (>= 2.2.6)
      System.Data.SqlClient (>= 4.6.1)
    Microsoft.Extensions.Caching.Abstractions (2.2)
      Microsoft.Extensions.Primitives (>= 2.2)
    Microsoft.Extensions.Caching.Memory (2.2)
      Microsoft.Extensions.Caching.Abstractions (>= 2.2)
      Microsoft.Extensions.DependencyInjection.Abstractions (>= 2.2)
      Microsoft.Extensions.Options (>= 2.2)
    Microsoft.Extensions.Configuration (2.2)
      Microsoft.Extensions.Configuration.Abstractions (>= 2.2)
    Microsoft.Extensions.Configuration.Abstractions (2.2)
      Microsoft.Extensions.Primitives (>= 2.2)
    Microsoft.Extensions.Configuration.Binder (2.2.4)
      Microsoft.Extensions.Configuration (>= 2.2)
    Microsoft.Extensions.Configuration.CommandLine (2.2)
      Microsoft.Extensions.Configuration (>= 2.2)
    Microsoft.Extensions.Configuration.EnvironmentVariables (2.2.4)
      Microsoft.Extensions.Configuration (>= 2.2)
    Microsoft.Extensions.Configuration.FileExtensions (2.2)
      Microsoft.Extensions.Configuration (>= 2.2)
      Microsoft.Extensions.FileProviders.Physical (>= 2.2)
    Microsoft.Extensions.Configuration.Json (2.2)
      Microsoft.Extensions.Configuration (>= 2.2)
      Microsoft.Extensions.Configuration.FileExtensions (>= 2.2)
      Newtonsoft.Json (>= 11.0.2)
    Microsoft.Extensions.DependencyInjection (2.2)
      Microsoft.Extensions.DependencyInjection.Abstractions (>= 2.2)
    Microsoft.Extensions.DependencyInjection.Abstractions (2.2)
    Microsoft.Extensions.FileProviders.Abstractions (2.2)
      Microsoft.Extensions.Primitives (>= 2.2)
    Microsoft.Extensions.FileProviders.Physical (2.2)
      Microsoft.Extensions.FileProviders.Abstractions (>= 2.2)
      Microsoft.Extensions.FileSystemGlobbing (>= 2.2)
    Microsoft.Extensions.FileSystemGlobbing (2.2)
    Microsoft.Extensions.Http (2.2)
      Microsoft.Extensions.DependencyInjection.Abstractions (>= 2.2)
      Microsoft.Extensions.Logging (>= 2.2)
      Microsoft.Extensions.Options (>= 2.2)
    Microsoft.Extensions.Logging (2.2)
      Microsoft.Extensions.Configuration.Binder (>= 2.2)
      Microsoft.Extensions.DependencyInjection.Abstractions (>= 2.2)
      Microsoft.Extensions.Logging.Abstractions (>= 2.2)
      Microsoft.Extensions.Options (>= 2.2)
    Microsoft.Extensions.Logging.Abstractions (2.2)
    Microsoft.Extensions.Options (2.2)
      Microsoft.Extensions.DependencyInjection.Abstractions (>= 2.2)
      Microsoft.Extensions.Primitives (>= 2.2)
      System.ComponentModel.Annotations (>= 4.5)
    Microsoft.Extensions.Primitives (2.2)
      System.Memory (>= 4.5.1)
      System.Runtime.CompilerServices.Unsafe (>= 4.5.1)
    Microsoft.NET.Test.Sdk (16.2)
      Microsoft.CodeCoverage (>= 16.2) - restriction: || (== net472) (== netcoreapp2.2) (&& (== netstandard2.0) (>= net45)) (&& (== netstandard2.0) (>= netcoreapp1.0))
      Microsoft.TestPlatform.TestHost (>= 16.2) - restriction: || (&& (== net472) (>= netcoreapp1.0)) (== netcoreapp2.2) (&& (== netstandard2.0) (>= netcoreapp1.0))
    Microsoft.NETCore.App (2.2.6)
      Microsoft.NETCore.DotNetHostPolicy (>= 2.2.6) - restriction: || (&& (== net472) (>= netcoreapp2.2)) (== netcoreapp2.2) (&& (== netstandard2.0) (>= netcoreapp2.2))
      Microsoft.NETCore.Platforms (>= 2.2.2) - restriction: || (&& (== net472) (>= netcoreapp2.2)) (== netcoreapp2.2) (&& (== netstandard2.0) (>= netcoreapp2.2))
      Microsoft.NETCore.Targets (>= 2.0) - restriction: || (&& (== net472) (>= netcoreapp2.2)) (== netcoreapp2.2) (&& (== netstandard2.0) (>= netcoreapp2.2))
      NETStandard.Library (>= 2.0.3) - restriction: || (&& (== net472) (>= netcoreapp2.2)) (== netcoreapp2.2) (&& (== netstandard2.0) (>= netcoreapp2.2))
    Microsoft.NETCore.DotNetAppHost (2.2.6)
    Microsoft.NETCore.DotNetHostPolicy (2.2.6)
      Microsoft.NETCore.DotNetHostResolver (>= 2.2.6)
    Microsoft.NETCore.DotNetHostResolver (2.2.6)
      Microsoft.NETCore.DotNetAppHost (>= 2.2.6)
    Microsoft.NETCore.Platforms (2.2.3)
    Microsoft.NETCore.Targets (2.1) - restriction: || (&& (== net472) (< net45)) (&& (== net472) (>= netcoreapp2.2)) (== netcoreapp2.2) (== netstandard2.0)
    Microsoft.SyndicationFeed.ReaderWriter (1.0.2)
      System.Globalization (>= 4.3)
      System.Linq (>= 4.3)
      System.Runtime.Extensions (>= 4.3)
      System.Xml.ReaderWriter (>= 4.3)
    Microsoft.TestPlatform.ObjectModel (16.2) - restriction: || (&& (== net472) (>= netcoreapp1.0)) (== netcoreapp2.2) (&& (== netstandard2.0) (>= netcoreapp1.0))
      NETStandard.Library (>= 1.6) - restriction: || (&& (== net472) (< net451)) (== netcoreapp2.2) (== netstandard2.0)
      System.ComponentModel.EventBasedAsync (>= 4.0.11) - restriction: || (&& (== net472) (< net451)) (== netcoreapp2.2) (== netstandard2.0)
      System.ComponentModel.TypeConverter (>= 4.1) - restriction: || (&& (== net472) (< net451)) (== netcoreapp2.2) (== netstandard2.0)
      System.Diagnostics.Process (>= 4.1) - restriction: || (&& (== net472) (< net451)) (== netcoreapp2.2) (== netstandard2.0)
      System.Diagnostics.TextWriterTraceListener (>= 4.0) - restriction: || (&& (== net472) (< net451)) (== netcoreapp2.2) (== netstandard2.0)
      System.Diagnostics.TraceSource (>= 4.0) - restriction: || (&& (== net472) (< net451)) (== netcoreapp2.2) (== netstandard2.0)
      System.Reflection.Metadata (>= 1.3)
      System.Reflection.TypeExtensions (>= 4.1) - restriction: || (&& (== net472) (< net451)) (== netcoreapp2.2) (== netstandard2.0)
      System.Runtime.InteropServices.RuntimeInformation (>= 4.0)
      System.Runtime.Loader (>= 4.0) - restriction: || (&& (== net472) (< net451)) (== netcoreapp2.2) (== netstandard2.0)
      System.Runtime.Serialization.Json (>= 4.0.2) - restriction: || (&& (== net472) (< net451)) (== netcoreapp2.2) (== netstandard2.0)
      System.Runtime.Serialization.Primitives (>= 4.1.1) - restriction: || (&& (== net472) (< net451)) (== netcoreapp2.2) (== netstandard2.0)
      System.Threading.Thread (>= 4.0) - restriction: || (&& (== net472) (< net451)) (== netcoreapp2.2) (== netstandard2.0)
      System.Xml.XPath.XmlDocument (>= 4.0.1) - restriction: || (&& (== net472) (< net451)) (== netcoreapp2.2) (== netstandard2.0)
    Microsoft.TestPlatform.TestHost (16.2) - restriction: || (&& (== net472) (>= netcoreapp1.0)) (== netcoreapp2.2) (&& (== netstandard2.0) (>= netcoreapp1.0))
      Microsoft.TestPlatform.ObjectModel (>= 16.2) - restriction: || (&& (== net472) (>= netcoreapp1.0)) (&& (== net472) (>= uap10.0)) (== netcoreapp2.2) (&& (== netstandard2.0) (>= netcoreapp1.0)) (&& (== netstandard2.0) (>= uap10.0))
      Newtonsoft.Json (>= 9.0.1) - restriction: || (&& (== net472) (>= netcoreapp1.0)) (&& (== net472) (>= uap10.0)) (== netcoreapp2.2) (&& (== netstandard2.0) (>= netcoreapp1.0)) (&& (== netstandard2.0) (>= uap10.0))
    Microsoft.Win32.Primitives (4.3) - restriction: || (&& (== net472) (>= netcoreapp1.0)) (== netcoreapp2.2) (&& (== netstandard2.0) (>= netcoreapp1.0))
      Microsoft.NETCore.Platforms (>= 1.1) - restriction: || (&& (== net472) (< net46)) (== netcoreapp2.2) (== netstandard2.0)
      Microsoft.NETCore.Targets (>= 1.1) - restriction: || (&& (== net472) (< net46)) (== netcoreapp2.2) (== netstandard2.0)
      System.Runtime (>= 4.3) - restriction: || (&& (== net472) (< net46)) (== netcoreapp2.2) (== netstandard2.0)
    Microsoft.Win32.Registry (4.5) - restriction: || (&& (== net472) (< net451)) (&& (== net472) (>= netcoreapp1.0)) (&& (== net472) (>= netcoreapp2.0)) (== netcoreapp2.2) (== netstandard2.0)
      System.Buffers (>= 4.4) - restriction: || (&& (== net472) (>= monoandroid) (< netstandard2.0)) (&& (== net472) (>= monotouch)) (&& (== net472) (< net46)) (&& (== net472) (>= xamarinios)) (&& (== net472) (>= xamarinmac)) (&& (== net472) (>= xamarintvos)) (&& (== net472) (>= xamarinwatchos)) (&& (== netcoreapp2.2) (>= monoandroid) (< netstandard2.0)) (&& (== netcoreapp2.2) (>= monotouch)) (&& (== netcoreapp2.2) (< netcoreapp2.0)) (&& (== netcoreapp2.2) (>= xamarinios)) (&& (== netcoreapp2.2) (>= xamarinmac)) (&& (== netcoreapp2.2) (>= xamarintvos)) (&& (== netcoreapp2.2) (>= xamarinwatchos)) (== netstandard2.0)
      System.Memory (>= 4.5) - restriction: || (&& (== net472) (< net46)) (&& (== net472) (>= netcoreapp2.0)) (&& (== net472) (>= uap10.1)) (&& (== netcoreapp2.2) (< netcoreapp2.0)) (&& (== netcoreapp2.2) (< netcoreapp2.1)) (&& (== netcoreapp2.2) (>= uap10.1)) (== netstandard2.0)
      System.Security.AccessControl (>= 4.5)
      System.Security.Principal.Windows (>= 4.5)
    NETStandard.Library (2.0.3)
      Microsoft.NETCore.Platforms (>= 1.1)
    Newtonsoft.Json (12.0.2)
    NodaTime (2.4.7)
    NodaTime.Serialization.JsonNet (2.2)
      Newtonsoft.Json (>= 9.0.1)
      NodaTime (>= 2.4.5)
    NUnit (3.12)
      NETStandard.Library (>= 2.0) - restriction: || (&& (== net472) (< net35)) (== netcoreapp2.2) (== netstandard2.0)
    NUnit3TestAdapter (3.15.1)
      Microsoft.DotNet.InternalAbstractions (>= 1.0) - restriction: || (&& (== net472) (>= netcoreapp1.0)) (== netcoreapp2.2) (&& (== netstandard2.0) (>= netcoreapp1.0))
      System.ComponentModel.EventBasedAsync (>= 4.3) - restriction: || (&& (== net472) (>= netcoreapp1.0)) (== netcoreapp2.2) (&& (== netstandard2.0) (>= netcoreapp1.0))
      System.ComponentModel.TypeConverter (>= 4.3) - restriction: || (&& (== net472) (>= netcoreapp1.0)) (== netcoreapp2.2) (&& (== netstandard2.0) (>= netcoreapp1.0))
      System.Diagnostics.Process (>= 4.3) - restriction: || (&& (== net472) (>= netcoreapp1.0)) (== netcoreapp2.2) (&& (== netstandard2.0) (>= netcoreapp1.0))
      System.Reflection (>= 4.3) - restriction: || (&& (== net472) (>= netcoreapp1.0)) (== netcoreapp2.2) (&& (== netstandard2.0) (>= netcoreapp1.0))
      System.Runtime.InteropServices.RuntimeInformation (>= 4.3) - restriction: || (&& (== net472) (>= netcoreapp1.0)) (== netcoreapp2.2) (&& (== netstandard2.0) (>= netcoreapp1.0))
      System.Threading.Thread (>= 4.3) - restriction: || (&& (== net472) (>= netcoreapp1.0)) (== netcoreapp2.2) (&& (== netstandard2.0) (>= netcoreapp1.0))
      System.Xml.XmlDocument (>= 4.3) - restriction: || (&& (== net472) (>= netcoreapp1.0)) (== netcoreapp2.2) (&& (== netstandard2.0) (>= netcoreapp1.0))
      System.Xml.XPath.XmlDocument (>= 4.3) - restriction: || (&& (== net472) (>= netcoreapp1.0)) (== netcoreapp2.2) (&& (== netstandard2.0) (>= netcoreapp1.0))
    Polly (7.1.1)
    Remotion.Linq (2.2)
      System.Collections (>= 4.0.11) - restriction: || (&& (== net472) (< net35)) (== netcoreapp2.2) (== netstandard2.0)
      System.Diagnostics.Debug (>= 4.0.11) - restriction: || (&& (== net472) (< net35)) (== netcoreapp2.2) (== netstandard2.0)
      System.Linq (>= 4.1) - restriction: || (&& (== net472) (< net35)) (== netcoreapp2.2) (== netstandard2.0)
      System.Linq.Expressions (>= 4.1) - restriction: || (&& (== net472) (< net35)) (== netcoreapp2.2) (== netstandard2.0)
      System.Linq.Queryable (>= 4.0.1) - restriction: || (&& (== net472) (< net35)) (== netcoreapp2.2) (== netstandard2.0)
      System.ObjectModel (>= 4.0.12) - restriction: || (&& (== net472) (< net35)) (== netcoreapp2.2) (== netstandard2.0)
      System.Reflection (>= 4.1) - restriction: || (&& (== net472) (< net35)) (== netcoreapp2.2) (== netstandard2.0)
      System.Reflection.Extensions (>= 4.0.1) - restriction: || (&& (== net472) (< net35)) (== netcoreapp2.2) (== netstandard2.0)
      System.Runtime (>= 4.1) - restriction: || (&& (== net472) (< net35)) (== netcoreapp2.2) (== netstandard2.0)
      System.Runtime.Extensions (>= 4.1) - restriction: || (&& (== net472) (< net35)) (== netcoreapp2.2) (== netstandard2.0)
      System.Threading (>= 4.0.11) - restriction: || (&& (== net472) (< net35)) (== netcoreapp2.2) (== netstandard2.0)
    runtime.native.System (4.3.1) - restriction: || (&& (== net472) (>= netcoreapp1.0)) (== netcoreapp2.2) (&& (== netstandard2.0) (>= netcoreapp1.0))
      Microsoft.NETCore.Platforms (>= 1.1.1)
      Microsoft.NETCore.Targets (>= 1.1.3)
    runtime.native.System.Data.SqlClient.sni (4.5) - restriction: || (&& (== net472) (< net451)) (&& (== net472) (>= netcoreapp2.0)) (== netcoreapp2.2) (== netstandard2.0)
      runtime.win-arm64.runtime.native.System.Data.SqlClient.sni (>= 4.4)
      runtime.win-x64.runtime.native.System.Data.SqlClient.sni (>= 4.4)
      runtime.win-x86.runtime.native.System.Data.SqlClient.sni (>= 4.4)
    runtime.win-arm64.runtime.native.System.Data.SqlClient.sni (4.4) - restriction: || (&& (== net472) (< net451)) (&& (== net472) (>= netcoreapp2.0)) (== netcoreapp2.2) (== netstandard2.0)
    runtime.win-x64.runtime.native.System.Data.SqlClient.sni (4.4) - restriction: || (&& (== net472) (< net451)) (&& (== net472) (>= netcoreapp2.0)) (== netcoreapp2.2) (== netstandard2.0)
    runtime.win-x86.runtime.native.System.Data.SqlClient.sni (4.4) - restriction: || (&& (== net472) (< net451)) (&& (== net472) (>= netcoreapp2.0)) (== netcoreapp2.2) (== netstandard2.0)
    SourceLink.Copy.PdbFiles (2.8.3) - copy_local: true
    SourceLink.Embed.AllSourceFiles (2.8.3) - copy_local: true
    SqlStreamStore (1.1.3)
      Microsoft.CSharp (>= 4.4.1)
    SqlStreamStore.MsSql (1.1.3)
      SqlStreamStore (>= 1.1.3)
      System.Data.SqlClient (>= 4.4.3)
    System.AppContext (4.3) - restriction: || (&& (== net472) (>= netcoreapp1.0)) (== netcoreapp2.2) (&& (== netstandard2.0) (>= netcoreapp1.0))
      System.Runtime (>= 4.3) - restriction: || (&& (== net472) (< net46)) (== netcoreapp2.2) (== netstandard2.0)
    System.Buffers (4.5) - restriction: || (&& (== net472) (== netcoreapp2.2)) (&& (== net472) (< net451)) (&& (== netcoreapp2.2) (< netcoreapp2.0)) (== netstandard2.0)
    System.Collections (4.3) - restriction: || (&& (== net472) (< net45)) (&& (== net472) (< net451)) (&& (== net472) (>= netcoreapp1.0)) (== netcoreapp2.2) (== netstandard2.0)
      Microsoft.NETCore.Platforms (>= 1.1) - restriction: || (&& (== net472) (< net45)) (== netcoreapp2.2) (== netstandard2.0)
      Microsoft.NETCore.Targets (>= 1.1) - restriction: || (&& (== net472) (< net45)) (== netcoreapp2.2) (== netstandard2.0)
      System.Runtime (>= 4.3) - restriction: || (&& (== net472) (< net45)) (== netcoreapp2.2) (== netstandard2.0)
    System.Collections.Concurrent (4.3) - restriction: || (&& (== net472) (>= netcoreapp1.0)) (== netcoreapp2.2) (&& (== netstandard2.0) (>= netcoreapp1.0))
      System.Collections (>= 4.3) - restriction: || (&& (== net472) (< net45)) (== netcoreapp2.2) (== netstandard2.0)
      System.Diagnostics.Debug (>= 4.3) - restriction: || (&& (== net472) (< net45)) (== netcoreapp2.2) (== netstandard2.0)
      System.Diagnostics.Tracing (>= 4.3) - restriction: || (&& (== net472) (< net45)) (== netcoreapp2.2) (== netstandard2.0)
      System.Globalization (>= 4.3) - restriction: || (&& (== net472) (< net45)) (== netcoreapp2.2) (== netstandard2.0)
      System.Reflection (>= 4.3) - restriction: || (&& (== net472) (< net45)) (== netcoreapp2.2) (== netstandard2.0)
      System.Resources.ResourceManager (>= 4.3) - restriction: || (&& (== net472) (< net45)) (== netcoreapp2.2) (== netstandard2.0)
      System.Runtime (>= 4.3) - restriction: || (&& (== net472) (< net45)) (== netcoreapp2.2) (== netstandard2.0)
      System.Runtime.Extensions (>= 4.3) - restriction: || (&& (== net472) (< net45)) (== netcoreapp2.2) (== netstandard2.0)
      System.Threading (>= 4.3) - restriction: || (&& (== net472) (< net45)) (== netcoreapp2.2) (== netstandard2.0)
      System.Threading.Tasks (>= 4.3) - restriction: || (&& (== net472) (< net45)) (== netcoreapp2.2) (== netstandard2.0)
    System.Collections.Immutable (1.5)
    System.Collections.NonGeneric (4.3) - restriction: || (&& (== net472) (>= netcoreapp1.0)) (== netcoreapp2.2) (&& (== netstandard2.0) (>= netcoreapp1.0))
      System.Diagnostics.Debug (>= 4.3) - restriction: || (&& (== net472) (< net46)) (== netcoreapp2.2) (== netstandard2.0)
      System.Globalization (>= 4.3) - restriction: || (&& (== net472) (< net46)) (== netcoreapp2.2) (== netstandard2.0)
      System.Resources.ResourceManager (>= 4.3) - restriction: || (&& (== net472) (< net46)) (== netcoreapp2.2) (== netstandard2.0)
      System.Runtime (>= 4.3) - restriction: || (&& (== net472) (< net46)) (== netcoreapp2.2) (== netstandard2.0)
      System.Runtime.Extensions (>= 4.3) - restriction: || (&& (== net472) (< net46)) (== netcoreapp2.2) (== netstandard2.0)
      System.Threading (>= 4.3) - restriction: || (&& (== net472) (< net46)) (== netcoreapp2.2) (== netstandard2.0)
    System.Collections.Specialized (4.3) - restriction: || (&& (== net472) (>= netcoreapp1.0)) (== netcoreapp2.2) (&& (== netstandard2.0) (>= netcoreapp1.0))
      System.Collections.NonGeneric (>= 4.3) - restriction: || (&& (== net472) (< net46)) (== netcoreapp2.2) (== netstandard2.0)
      System.Globalization (>= 4.3) - restriction: || (&& (== net472) (< net46)) (== netcoreapp2.2) (== netstandard2.0)
      System.Globalization.Extensions (>= 4.3) - restriction: || (&& (== net472) (< net46)) (== netcoreapp2.2) (== netstandard2.0)
      System.Resources.ResourceManager (>= 4.3) - restriction: || (&& (== net472) (< net46)) (== netcoreapp2.2) (== netstandard2.0)
      System.Runtime (>= 4.3) - restriction: || (&& (== net472) (< net46)) (== netcoreapp2.2) (== netstandard2.0)
      System.Runtime.Extensions (>= 4.3) - restriction: || (&& (== net472) (< net46)) (== netcoreapp2.2) (== netstandard2.0)
      System.Threading (>= 4.3) - restriction: || (&& (== net472) (< net46)) (== netcoreapp2.2) (== netstandard2.0)
    System.ComponentModel (4.3) - restriction: || (&& (== net472) (>= netcoreapp1.0)) (== netcoreapp2.2) (&& (== netstandard2.0) (>= netcoreapp1.0))
      System.Runtime (>= 4.3) - restriction: || (&& (== net472) (< net45)) (== netcoreapp2.2) (== netstandard2.0)
    System.ComponentModel.Annotations (4.5)
    System.ComponentModel.EventBasedAsync (4.3) - restriction: || (&& (== net472) (>= netcoreapp1.0)) (== netcoreapp2.2) (&& (== netstandard2.0) (>= netcoreapp1.0))
      System.Resources.ResourceManager (>= 4.3) - restriction: || (&& (== net472) (< net45)) (== netcoreapp2.2) (== netstandard2.0)
      System.Runtime (>= 4.3) - restriction: || (&& (== net472) (< net45)) (== netcoreapp2.2) (== netstandard2.0)
      System.Threading (>= 4.3) - restriction: || (&& (== net472) (< net45)) (== netcoreapp2.2) (== netstandard2.0)
      System.Threading.Tasks (>= 4.3) - restriction: || (&& (== net472) (< net45)) (== netcoreapp2.2) (== netstandard2.0)
    System.ComponentModel.Primitives (4.3) - restriction: || (&& (== net472) (>= netcoreapp1.0)) (== netcoreapp2.2) (&& (== netstandard2.0) (>= netcoreapp1.0))
      System.ComponentModel (>= 4.3) - restriction: || (&& (== net472) (< net45)) (== netcoreapp2.2) (== netstandard2.0)
      System.Resources.ResourceManager (>= 4.3) - restriction: || (&& (== net472) (< net45)) (== netcoreapp2.2) (== netstandard2.0)
      System.Runtime (>= 4.3) - restriction: || (&& (== net472) (< net45)) (== netcoreapp2.2) (== netstandard2.0)
    System.ComponentModel.TypeConverter (4.3) - restriction: || (&& (== net472) (>= netcoreapp1.0)) (== netcoreapp2.2) (&& (== netstandard2.0) (>= netcoreapp1.0))
      System.Collections (>= 4.3) - restriction: || (&& (== net472) (< net45)) (== netcoreapp2.2) (== netstandard2.0)
      System.Collections.NonGeneric (>= 4.3)
      System.Collections.Specialized (>= 4.3) - restriction: || (&& (== net472) (< net45)) (== netcoreapp2.2) (== netstandard2.0)
      System.ComponentModel (>= 4.3) - restriction: || (&& (== net472) (< net45)) (== netcoreapp2.2) (== netstandard2.0)
      System.ComponentModel.Primitives (>= 4.3)
      System.Globalization (>= 4.3) - restriction: || (&& (== net472) (< net45)) (== netcoreapp2.2) (== netstandard2.0)
      System.Linq (>= 4.3) - restriction: || (&& (== net472) (< net45)) (== netcoreapp2.2) (== netstandard2.0)
      System.Reflection (>= 4.3) - restriction: || (&& (== net472) (< net45)) (== netcoreapp2.2) (== netstandard2.0)
      System.Reflection.Extensions (>= 4.3) - restriction: || (&& (== net472) (< net45)) (== netcoreapp2.2) (== netstandard2.0)
      System.Reflection.Primitives (>= 4.3) - restriction: || (&& (== net472) (< net45)) (== netcoreapp2.2) (== netstandard2.0)
      System.Reflection.TypeExtensions (>= 4.3) - restriction: || (&& (== net472) (< net45)) (== netcoreapp2.2) (== netstandard2.0)
      System.Resources.ResourceManager (>= 4.3) - restriction: || (&& (== net472) (< net45)) (== netcoreapp2.2) (== netstandard2.0)
      System.Runtime (>= 4.3) - restriction: || (&& (== net472) (< net45)) (== netcoreapp2.2) (== netstandard2.0)
      System.Runtime.Extensions (>= 4.3) - restriction: || (&& (== net472) (< net45)) (== netcoreapp2.2) (== netstandard2.0)
      System.Threading (>= 4.3) - restriction: || (&& (== net472) (< net45)) (== netcoreapp2.2) (== netstandard2.0)
    System.Configuration.ConfigurationManager (4.5) - restriction: || (&& (== net472) (< net45)) (&& (== net472) (>= netcoreapp2.0)) (== netcoreapp2.2) (== netstandard2.0)
      System.Security.Cryptography.ProtectedData (>= 4.5) - restriction: || (&& (== net472) (< net461)) (== netcoreapp2.2) (== netstandard2.0)
      System.Security.Permissions (>= 4.5)
    System.Data.Common (4.3)
      System.Collections (>= 4.3) - restriction: || (&& (== net472) (< net451)) (== netcoreapp2.2) (== netstandard2.0)
      System.Globalization (>= 4.3) - restriction: || (&& (== net472) (< net451)) (== netcoreapp2.2) (== netstandard2.0)
      System.IO (>= 4.3) - restriction: || (&& (== net472) (< net451)) (== netcoreapp2.2) (== netstandard2.0)
      System.Resources.ResourceManager (>= 4.3) - restriction: || (&& (== net472) (< net451)) (== netcoreapp2.2) (== netstandard2.0)
      System.Runtime (>= 4.3) - restriction: || (&& (== net472) (< net451)) (== netcoreapp2.2) (== netstandard2.0)
      System.Runtime.Extensions (>= 4.3) - restriction: || (&& (== net472) (< net451)) (== netcoreapp2.2) (== netstandard2.0)
      System.Text.RegularExpressions (>= 4.3) - restriction: || (&& (== net472) (< net451)) (== netcoreapp2.2) (== netstandard2.0)
      System.Threading.Tasks (>= 4.3) - restriction: || (&& (== net472) (< net451)) (== netcoreapp2.2) (== netstandard2.0)
    System.Data.SqlClient (4.6.1)
      Microsoft.Win32.Registry (>= 4.5) - restriction: || (&& (== net472) (< net451)) (&& (== net472) (>= netcoreapp2.0)) (== netcoreapp2.2) (== netstandard2.0)
      runtime.native.System.Data.SqlClient.sni (>= 4.5) - restriction: || (&& (== net472) (< net451)) (&& (== net472) (>= netcoreapp2.0)) (== netcoreapp2.2) (== netstandard2.0)
      System.Buffers (>= 4.4) - restriction: || (&& (== net472) (< net451)) (&& (== netcoreapp2.2) (< netcoreapp2.0)) (== netstandard2.0)
      System.Diagnostics.DiagnosticSource (>= 4.5) - restriction: || (&& (== net472) (< net451)) (&& (== net472) (>= netcoreapp2.0)) (&& (== net472) (>= uap10.1)) (&& (== netcoreapp2.2) (< netcoreapp2.0)) (&& (== netcoreapp2.2) (< netcoreapp2.1)) (&& (== netcoreapp2.2) (>= uap10.1)) (== netstandard2.0)
      System.Memory (>= 4.5.1) - restriction: || (&& (== net472) (< net451)) (&& (== net472) (>= netcoreapp2.0)) (&& (== net472) (>= uap10.1)) (&& (== netcoreapp2.2) (< netcoreapp2.0)) (&& (== netcoreapp2.2) (< netcoreapp2.1)) (&& (== netcoreapp2.2) (>= uap10.1)) (== netstandard2.0)
      System.Security.Principal.Windows (>= 4.5) - restriction: || (&& (== net472) (< net451)) (&& (== net472) (>= netcoreapp2.0)) (== netcoreapp2.2) (== netstandard2.0)
      System.Text.Encoding.CodePages (>= 4.5) - restriction: || (&& (== net472) (< net451)) (&& (== net472) (>= netcoreapp2.0)) (== netcoreapp2.2) (== netstandard2.0)
    System.Diagnostics.Debug (4.3) - restriction: || (&& (== net472) (< net45)) (&& (== net472) (>= netcoreapp1.0)) (== netcoreapp2.2) (== netstandard2.0)
      Microsoft.NETCore.Platforms (>= 1.1) - restriction: || (&& (== net472) (< net45)) (== netcoreapp2.2) (== netstandard2.0)
      Microsoft.NETCore.Targets (>= 1.1) - restriction: || (&& (== net472) (< net45)) (== netcoreapp2.2) (== netstandard2.0)
      System.Runtime (>= 4.3) - restriction: || (&& (== net472) (< net45)) (== netcoreapp2.2) (== netstandard2.0)
    System.Diagnostics.DiagnosticSource (4.5.1)
    System.Diagnostics.Process (4.3) - restriction: || (&& (== net472) (>= netcoreapp1.0)) (== netcoreapp2.2) (&& (== netstandard2.0) (>= netcoreapp1.0))
      Microsoft.NETCore.Platforms (>= 1.1) - restriction: || (&& (== net472) (< net46)) (== netcoreapp2.2) (== netstandard2.0)
      Microsoft.Win32.Primitives (>= 4.3) - restriction: || (&& (== net472) (< net46)) (== netcoreapp2.2) (== netstandard2.0)
      Microsoft.Win32.Registry (>= 4.3) - restriction: || (&& (== net472) (< net46)) (== netcoreapp2.2) (== netstandard2.0)
      runtime.native.System (>= 4.3) - restriction: || (&& (== net472) (< net46)) (== netcoreapp2.2) (== netstandard2.0)
      System.Collections (>= 4.3) - restriction: || (&& (== net472) (< net46)) (== netcoreapp2.2) (== netstandard2.0)
      System.Diagnostics.Debug (>= 4.3) - restriction: || (&& (== net472) (< net46)) (== netcoreapp2.2) (== netstandard2.0)
      System.Globalization (>= 4.3) - restriction: || (&& (== net472) (< net46)) (== netcoreapp2.2) (== netstandard2.0)
      System.IO (>= 4.3) - restriction: || (&& (== net472) (< net46)) (== netcoreapp2.2) (== netstandard2.0)
      System.IO.FileSystem (>= 4.3) - restriction: || (&& (== net472) (< net46)) (== netcoreapp2.2) (== netstandard2.0)
      System.IO.FileSystem.Primitives (>= 4.3) - restriction: || (&& (== net472) (< net46)) (== netcoreapp2.2) (== netstandard2.0)
      System.Resources.ResourceManager (>= 4.3) - restriction: || (&& (== net472) (< net46)) (== netcoreapp2.2) (== netstandard2.0)
      System.Runtime (>= 4.3) - restriction: || (&& (== net472) (< net46)) (== netcoreapp2.2) (== netstandard2.0)
      System.Runtime.Extensions (>= 4.3) - restriction: || (&& (== net472) (< net46)) (== netcoreapp2.2) (== netstandard2.0)
      System.Runtime.Handles (>= 4.3) - restriction: || (&& (== net472) (< net46)) (== netcoreapp2.2) (== netstandard2.0)
      System.Runtime.InteropServices (>= 4.3) - restriction: || (&& (== net472) (< net46)) (== netcoreapp2.2) (== netstandard2.0)
      System.Text.Encoding (>= 4.3) - restriction: || (&& (== net472) (< net46)) (== netcoreapp2.2) (== netstandard2.0)
      System.Text.Encoding.Extensions (>= 4.3) - restriction: || (&& (== net472) (< net46)) (== netcoreapp2.2) (== netstandard2.0)
      System.Threading (>= 4.3) - restriction: || (&& (== net472) (< net46)) (== netcoreapp2.2) (== netstandard2.0)
      System.Threading.Tasks (>= 4.3) - restriction: || (&& (== net472) (< net46)) (== netcoreapp2.2) (== netstandard2.0)
      System.Threading.Thread (>= 4.3) - restriction: || (&& (== net472) (< net46)) (== netcoreapp2.2) (== netstandard2.0)
      System.Threading.ThreadPool (>= 4.3) - restriction: || (&& (== net472) (< net46)) (== netcoreapp2.2) (== netstandard2.0)
    System.Diagnostics.TextWriterTraceListener (4.3) - restriction: || (&& (== net472) (>= netcoreapp1.0)) (== netcoreapp2.2) (&& (== netstandard2.0) (>= netcoreapp1.0))
      System.Diagnostics.TraceSource (>= 4.3)
      System.Globalization (>= 4.3) - restriction: || (&& (== net472) (< net46)) (== netcoreapp2.2) (== netstandard2.0)
      System.IO (>= 4.3) - restriction: || (&& (== net472) (< net46)) (== netcoreapp2.2) (== netstandard2.0)
      System.Resources.ResourceManager (>= 4.3) - restriction: || (&& (== net472) (< net46)) (== netcoreapp2.2) (== netstandard2.0)
      System.Runtime (>= 4.3) - restriction: || (&& (== net472) (< net46)) (== netcoreapp2.2) (== netstandard2.0)
      System.Threading (>= 4.3) - restriction: || (&& (== net472) (< net46)) (== netcoreapp2.2) (== netstandard2.0)
    System.Diagnostics.Tools (4.3) - restriction: || (&& (== net472) (>= netcoreapp1.0)) (== netcoreapp2.2) (&& (== netstandard2.0) (>= netcoreapp1.0))
      Microsoft.NETCore.Platforms (>= 1.1) - restriction: || (&& (== net472) (< net45)) (== netcoreapp2.2) (== netstandard2.0)
      Microsoft.NETCore.Targets (>= 1.1) - restriction: || (&& (== net472) (< net45)) (== netcoreapp2.2) (== netstandard2.0)
      System.Runtime (>= 4.3) - restriction: || (&& (== net472) (< net45)) (== netcoreapp2.2) (== netstandard2.0)
    System.Diagnostics.TraceSource (4.3) - restriction: || (&& (== net472) (>= netcoreapp1.0)) (== netcoreapp2.2) (&& (== netstandard2.0) (>= netcoreapp1.0))
      Microsoft.NETCore.Platforms (>= 1.1) - restriction: || (&& (== net472) (< net46)) (== netcoreapp2.2) (== netstandard2.0)
      runtime.native.System (>= 4.3) - restriction: || (&& (== net472) (< net46)) (== netcoreapp2.2) (== netstandard2.0)
      System.Collections (>= 4.3) - restriction: || (&& (== net472) (< net46)) (== netcoreapp2.2) (== netstandard2.0)
      System.Diagnostics.Debug (>= 4.3) - restriction: || (&& (== net472) (< net46)) (== netcoreapp2.2) (== netstandard2.0)
      System.Globalization (>= 4.3) - restriction: || (&& (== net472) (< net46)) (== netcoreapp2.2) (== netstandard2.0)
      System.Resources.ResourceManager (>= 4.3) - restriction: || (&& (== net472) (< net46)) (== netcoreapp2.2) (== netstandard2.0)
      System.Runtime (>= 4.3) - restriction: || (&& (== net472) (< net46)) (== netcoreapp2.2) (== netstandard2.0)
      System.Runtime.Extensions (>= 4.3) - restriction: || (&& (== net472) (< net46)) (== netcoreapp2.2) (== netstandard2.0)
      System.Threading (>= 4.3) - restriction: || (&& (== net472) (< net46)) (== netcoreapp2.2) (== netstandard2.0)
    System.Diagnostics.Tracing (4.3) - restriction: || (&& (== net472) (>= netcoreapp1.0)) (== netcoreapp2.2) (&& (== netstandard2.0) (>= netcoreapp1.0))
      Microsoft.NETCore.Platforms (>= 1.1) - restriction: || (&& (== net472) (< net45)) (== netcoreapp2.2) (== netstandard2.0)
      Microsoft.NETCore.Targets (>= 1.1) - restriction: || (&& (== net472) (< net45)) (== netcoreapp2.2) (== netstandard2.0)
      System.Runtime (>= 4.3) - restriction: || (&& (== net472) (< net45)) (== netcoreapp2.2) (== netstandard2.0)
    System.Globalization (4.3)
      Microsoft.NETCore.Platforms (>= 1.1) - restriction: || (&& (== net472) (< net45)) (== netcoreapp2.2) (== netstandard2.0)
      Microsoft.NETCore.Targets (>= 1.1) - restriction: || (&& (== net472) (< net45)) (== netcoreapp2.2) (== netstandard2.0)
      System.Runtime (>= 4.3) - restriction: || (&& (== net472) (< net45)) (== netcoreapp2.2) (== netstandard2.0)
    System.Globalization.Extensions (4.3) - restriction: || (&& (== net472) (>= netcoreapp1.0)) (== netcoreapp2.2) (&& (== netstandard2.0) (>= netcoreapp1.0))
      Microsoft.NETCore.Platforms (>= 1.1) - restriction: || (&& (== net472) (< net46)) (== netcoreapp2.2) (== netstandard2.0)
      System.Globalization (>= 4.3) - restriction: || (&& (== net472) (< net46)) (== netcoreapp2.2) (== netstandard2.0)
      System.Resources.ResourceManager (>= 4.3) - restriction: || (&& (== net472) (< net46)) (== netcoreapp2.2) (== netstandard2.0)
      System.Runtime (>= 4.3) - restriction: || (&& (== net472) (< net46)) (== netcoreapp2.2) (== netstandard2.0)
      System.Runtime.Extensions (>= 4.3) - restriction: || (&& (== net472) (< net46)) (== netcoreapp2.2) (== netstandard2.0)
      System.Runtime.InteropServices (>= 4.3) - restriction: || (&& (== net472) (< net46)) (== netcoreapp2.2) (== netstandard2.0)
    System.Interactive.Async (3.2)
    System.IO (4.3) - restriction: || (&& (== net472) (< net451)) (&& (== net472) (>= netcoreapp1.0)) (== netcoreapp2.2) (== netstandard2.0)
      Microsoft.NETCore.Platforms (>= 1.1) - restriction: || (&& (== net472) (< net45)) (== netcoreapp2.2) (== netstandard2.0)
      Microsoft.NETCore.Targets (>= 1.1) - restriction: || (&& (== net472) (< net45)) (== netcoreapp2.2) (== netstandard2.0)
      System.Runtime (>= 4.3) - restriction: || (&& (== net472) (< net45)) (== netcoreapp2.2) (== netstandard2.0)
      System.Text.Encoding (>= 4.3) - restriction: || (&& (== net472) (< net45)) (== netcoreapp2.2) (== netstandard2.0)
      System.Threading.Tasks (>= 4.3) - restriction: || (&& (== net472) (< net45)) (== netcoreapp2.2) (== netstandard2.0)
    System.IO.FileSystem (4.3) - restriction: || (&& (== net472) (< net45)) (&& (== net472) (>= netcoreapp1.0)) (== netcoreapp2.2) (== netstandard2.0)
      Microsoft.NETCore.Platforms (>= 1.1) - restriction: || (&& (== net472) (< net46)) (== netcoreapp2.2) (== netstandard2.0)
      Microsoft.NETCore.Targets (>= 1.1) - restriction: || (&& (== net472) (< net46)) (== netcoreapp2.2) (== netstandard2.0)
      System.IO (>= 4.3) - restriction: || (&& (== net472) (< net46)) (== netcoreapp2.2) (== netstandard2.0)
      System.IO.FileSystem.Primitives (>= 4.3)
      System.Runtime (>= 4.3) - restriction: || (&& (== net472) (< net46)) (== netcoreapp2.2) (== netstandard2.0)
      System.Runtime.Handles (>= 4.3) - restriction: || (&& (== net472) (< net46)) (== netcoreapp2.2) (== netstandard2.0)
      System.Text.Encoding (>= 4.3) - restriction: || (&& (== net472) (< net46)) (== netcoreapp2.2) (== netstandard2.0)
      System.Threading.Tasks (>= 4.3) - restriction: || (&& (== net472) (< net46)) (== netcoreapp2.2) (== netstandard2.0)
    System.IO.FileSystem.Primitives (4.3) - restriction: || (&& (== net472) (< net45)) (&& (== net472) (>= netcoreapp1.0)) (== netcoreapp2.2) (== netstandard2.0)
      System.Runtime (>= 4.3) - restriction: || (&& (== net472) (< net46)) (== netcoreapp2.2) (== netstandard2.0)
    System.Linq (4.3)
      System.Collections (>= 4.3) - restriction: || (&& (== net472) (< net45)) (== netcoreapp2.2) (== netstandard2.0)
      System.Diagnostics.Debug (>= 4.3) - restriction: || (&& (== net472) (< net45)) (== netcoreapp2.2) (== netstandard2.0)
      System.Resources.ResourceManager (>= 4.3) - restriction: || (&& (== net472) (< net45)) (== netcoreapp2.2) (== netstandard2.0)
      System.Runtime (>= 4.3) - restriction: || (&& (== net472) (< net45)) (== netcoreapp2.2) (== netstandard2.0)
      System.Runtime.Extensions (>= 4.3) - restriction: || (&& (== net472) (< net45)) (== netcoreapp2.2) (== netstandard2.0)
    System.Linq.Expressions (4.3) - restriction: || (&& (== net472) (< net35)) (== netcoreapp2.2) (== netstandard2.0)
      System.Collections (>= 4.3) - restriction: || (&& (== net472) (< net45)) (== netcoreapp2.2) (== netstandard2.0)
      System.Diagnostics.Debug (>= 4.3) - restriction: || (&& (== net472) (< net45)) (== netcoreapp2.2) (== netstandard2.0)
      System.Globalization (>= 4.3) - restriction: || (&& (== net472) (< net45)) (== netcoreapp2.2) (== netstandard2.0)
      System.IO (>= 4.3) - restriction: || (&& (== net472) (< net45)) (== netcoreapp2.2) (== netstandard2.0)
      System.Linq (>= 4.3) - restriction: || (&& (== net472) (< net45)) (== netcoreapp2.2) (== netstandard2.0)
      System.ObjectModel (>= 4.3) - restriction: || (&& (== net472) (< net45)) (== netcoreapp2.2) (== netstandard2.0)
      System.Reflection (>= 4.3) - restriction: || (&& (== net472) (< net45)) (== netcoreapp2.2) (== netstandard2.0)
      System.Reflection.Emit (>= 4.3) - restriction: || (&& (== net472) (< net45)) (== netcoreapp2.2) (== netstandard2.0)
      System.Reflection.Emit.ILGeneration (>= 4.3) - restriction: || (&& (== net472) (< net45)) (== netcoreapp2.2) (== netstandard2.0)
      System.Reflection.Emit.Lightweight (>= 4.3) - restriction: || (&& (== net472) (< net45)) (== netcoreapp2.2) (== netstandard2.0)
      System.Reflection.Extensions (>= 4.3) - restriction: || (&& (== net472) (< net45)) (== netcoreapp2.2) (== netstandard2.0)
      System.Reflection.Primitives (>= 4.3) - restriction: || (&& (== net472) (< net45)) (== netcoreapp2.2) (== netstandard2.0)
      System.Reflection.TypeExtensions (>= 4.3) - restriction: || (&& (== net472) (< net45)) (== netcoreapp2.2) (== netstandard2.0)
      System.Resources.ResourceManager (>= 4.3) - restriction: || (&& (== net472) (< net45)) (== netcoreapp2.2) (== netstandard2.0)
      System.Runtime (>= 4.3) - restriction: || (&& (== net472) (< net45)) (== netcoreapp2.2) (== netstandard2.0)
      System.Runtime.Extensions (>= 4.3) - restriction: || (&& (== net472) (< net45)) (== netcoreapp2.2) (== netstandard2.0)
      System.Threading (>= 4.3) - restriction: || (&& (== net472) (< net45)) (== netcoreapp2.2) (== netstandard2.0)
    System.Linq.Queryable (4.3) - restriction: || (&& (== net472) (< net35)) (== netcoreapp2.2) (== netstandard2.0)
      System.Collections (>= 4.3) - restriction: || (&& (== net472) (< net45)) (== netcoreapp2.2) (== netstandard2.0)
      System.Diagnostics.Debug (>= 4.3) - restriction: || (&& (== net472) (< net45)) (== netcoreapp2.2) (== netstandard2.0)
      System.Linq (>= 4.3) - restriction: || (&& (== net472) (< net45)) (== netcoreapp2.2) (== netstandard2.0)
      System.Linq.Expressions (>= 4.3) - restriction: || (&& (== net472) (< net45)) (== netcoreapp2.2) (== netstandard2.0)
      System.Reflection (>= 4.3) - restriction: || (&& (== net472) (< net45)) (== netcoreapp2.2) (== netstandard2.0)
      System.Reflection.Extensions (>= 4.3) - restriction: || (&& (== net472) (< net45)) (== netcoreapp2.2) (== netstandard2.0)
      System.Resources.ResourceManager (>= 4.3) - restriction: || (&& (== net472) (< net45)) (== netcoreapp2.2) (== netstandard2.0)
      System.Runtime (>= 4.3) - restriction: || (&& (== net472) (< net45)) (== netcoreapp2.2) (== netstandard2.0)
    System.Memory (4.5.3)
      System.Buffers (>= 4.4) - restriction: || (== net472) (&& (== netcoreapp2.2) (>= monotouch)) (&& (== netcoreapp2.2) (>= net461)) (&& (== netcoreapp2.2) (< netcoreapp2.0)) (&& (== netcoreapp2.2) (< netstandard1.1)) (&& (== netcoreapp2.2) (< netstandard2.0)) (&& (== netcoreapp2.2) (>= xamarinios)) (&& (== netcoreapp2.2) (>= xamarinmac)) (&& (== netcoreapp2.2) (>= xamarintvos)) (&& (== netcoreapp2.2) (>= xamarinwatchos)) (== netstandard2.0)
      System.Numerics.Vectors (>= 4.4) - restriction: || (== net472) (&& (== netcoreapp2.2) (>= net461)) (&& (== netcoreapp2.2) (< netcoreapp2.0)) (== netstandard2.0)
      System.Runtime.CompilerServices.Unsafe (>= 4.5.2) - restriction: || (== net472) (&& (== netcoreapp2.2) (>= monotouch)) (&& (== netcoreapp2.2) (>= net461)) (&& (== netcoreapp2.2) (< netcoreapp2.0)) (&& (== netcoreapp2.2) (< netcoreapp2.1)) (&& (== netcoreapp2.2) (< netstandard1.1)) (&& (== netcoreapp2.2) (< netstandard2.0)) (&& (== netcoreapp2.2) (>= uap10.1)) (&& (== netcoreapp2.2) (>= xamarinios)) (&& (== netcoreapp2.2) (>= xamarinmac)) (&& (== netcoreapp2.2) (>= xamarintvos)) (&& (== netcoreapp2.2) (>= xamarinwatchos)) (== netstandard2.0)
    System.Numerics.Vectors (4.5) - restriction: || (&& (== net472) (== netcoreapp2.2)) (&& (== net472) (< net45)) (&& (== net472) (< net451)) (&& (== net472) (>= netcoreapp2.0)) (&& (== net472) (>= uap10.1)) (&& (== netcoreapp2.2) (>= net461)) (&& (== netcoreapp2.2) (< netcoreapp2.0)) (&& (== netcoreapp2.2) (>= uap10.1)) (== netstandard2.0)
    System.ObjectModel (4.3) - restriction: || (&& (== net472) (< net35)) (== netcoreapp2.2) (== netstandard2.0)
      System.Collections (>= 4.3) - restriction: || (&& (== net472) (< net45)) (== netcoreapp2.2) (== netstandard2.0)
      System.Diagnostics.Debug (>= 4.3) - restriction: || (&& (== net472) (< net45)) (== netcoreapp2.2) (== netstandard2.0)
      System.Resources.ResourceManager (>= 4.3) - restriction: || (&& (== net472) (< net45)) (== netcoreapp2.2) (== netstandard2.0)
      System.Runtime (>= 4.3) - restriction: || (&& (== net472) (< net45)) (== netcoreapp2.2) (== netstandard2.0)
      System.Threading (>= 4.3) - restriction: || (&& (== net472) (< net45)) (== netcoreapp2.2) (== netstandard2.0)
    System.Private.DataContractSerialization (4.3) - restriction: || (&& (== net472) (>= netcoreapp1.0)) (== netcoreapp2.2) (&& (== netstandard2.0) (>= netcoreapp1.0))
      System.Collections (>= 4.3) - restriction: || (&& (== net472) (< net46)) (== netcoreapp2.2) (== netstandard2.0)
      System.Collections.Concurrent (>= 4.3) - restriction: || (&& (== net472) (< net46)) (== netcoreapp2.2) (== netstandard2.0)
      System.Diagnostics.Debug (>= 4.3) - restriction: || (&& (== net472) (< net46)) (== netcoreapp2.2) (== netstandard2.0)
      System.Globalization (>= 4.3) - restriction: || (&& (== net472) (< net46)) (== netcoreapp2.2) (== netstandard2.0)
      System.IO (>= 4.3) - restriction: || (&& (== net472) (< net46)) (== netcoreapp2.2) (== netstandard2.0)
      System.Linq (>= 4.3) - restriction: || (&& (== net472) (< net46)) (== netcoreapp2.2) (== netstandard2.0)
      System.Reflection (>= 4.3) - restriction: || (&& (== net472) (< net46)) (== netcoreapp2.2) (== netstandard2.0)
      System.Reflection.Emit.ILGeneration (>= 4.3) - restriction: || (&& (== net472) (< net46)) (== netcoreapp2.2) (== netstandard2.0)
      System.Reflection.Emit.Lightweight (>= 4.3) - restriction: || (&& (== net472) (< net46)) (== netcoreapp2.2) (== netstandard2.0)
      System.Reflection.Extensions (>= 4.3) - restriction: || (&& (== net472) (< net46)) (== netcoreapp2.2) (== netstandard2.0)
      System.Reflection.Primitives (>= 4.3) - restriction: || (&& (== net472) (< net46)) (== netcoreapp2.2) (== netstandard2.0)
      System.Reflection.TypeExtensions (>= 4.3)
      System.Resources.ResourceManager (>= 4.3) - restriction: || (&& (== net472) (< net46)) (== netcoreapp2.2) (== netstandard2.0)
      System.Runtime (>= 4.3) - restriction: || (&& (== net472) (< net46)) (== netcoreapp2.2) (== netstandard2.0)
      System.Runtime.Extensions (>= 4.3) - restriction: || (&& (== net472) (< net46)) (== netcoreapp2.2) (== netstandard2.0)
      System.Runtime.Serialization.Primitives (>= 4.3)
      System.Text.Encoding (>= 4.3) - restriction: || (&& (== net472) (< net46)) (== netcoreapp2.2) (== netstandard2.0)
      System.Text.Encoding.Extensions (>= 4.3) - restriction: || (&& (== net472) (< net46)) (== netcoreapp2.2) (== netstandard2.0)
      System.Text.RegularExpressions (>= 4.3) - restriction: || (&& (== net472) (< net46)) (== netcoreapp2.2) (== netstandard2.0)
      System.Threading (>= 4.3) - restriction: || (&& (== net472) (< net46)) (== netcoreapp2.2) (== netstandard2.0)
      System.Threading.Tasks (>= 4.3) - restriction: || (&& (== net472) (< net46)) (== netcoreapp2.2) (== netstandard2.0)
      System.Xml.ReaderWriter (>= 4.3) - restriction: || (&& (== net472) (< net46)) (== netcoreapp2.2) (== netstandard2.0)
      System.Xml.XDocument (>= 4.3) - restriction: || (&& (== net472) (< net46)) (== netcoreapp2.2) (== netstandard2.0)
      System.Xml.XmlDocument (>= 4.3)
      System.Xml.XmlSerializer (>= 4.3) - restriction: || (&& (== net472) (< net46)) (== netcoreapp2.2) (== netstandard2.0)
    System.Reactive (4.1.6)
      System.Runtime.InteropServices.WindowsRuntime (>= 4.3) - restriction: || (&& (== net472) (< net46)) (== netcoreapp2.2) (== netstandard2.0)
      System.Threading.Tasks.Extensions (>= 4.5.2)
      System.ValueTuple (>= 4.5) - restriction: || (== net472) (&& (== netcoreapp2.2) (>= net46)) (&& (== netcoreapp2.2) (>= uap10.0)) (&& (== netstandard2.0) (>= net46)) (&& (== netstandard2.0) (>= uap10.0))
    System.Reflection (4.3)
      Microsoft.NETCore.Platforms (>= 1.1) - restriction: || (&& (== net472) (< net45)) (== netcoreapp2.2) (== netstandard2.0)
      Microsoft.NETCore.Targets (>= 1.1) - restriction: || (&& (== net472) (< net45)) (== netcoreapp2.2) (== netstandard2.0)
      System.IO (>= 4.3) - restriction: || (&& (== net472) (< net45)) (== netcoreapp2.2) (== netstandard2.0)
      System.Reflection.Primitives (>= 4.3) - restriction: || (&& (== net472) (< net45)) (== netcoreapp2.2) (== netstandard2.0)
      System.Runtime (>= 4.3) - restriction: || (&& (== net472) (< net45)) (== netcoreapp2.2) (== netstandard2.0)
    System.Reflection.Emit (4.3) - restriction: || (&& (== net472) (< net35)) (&& (== net472) (>= netcoreapp1.0)) (== netcoreapp2.2) (== netstandard2.0)
      System.IO (>= 4.3) - restriction: || (&& (== net472) (< net45)) (== netcoreapp2.2) (== netstandard2.0)
      System.Reflection (>= 4.3) - restriction: || (&& (== net472) (< net45)) (== netcoreapp2.2) (== netstandard2.0)
      System.Reflection.Emit.ILGeneration (>= 4.3) - restriction: || (&& (== net472) (< net45)) (== netcoreapp2.2) (== netstandard2.0)
      System.Reflection.Primitives (>= 4.3) - restriction: || (&& (== net472) (< net45)) (== netcoreapp2.2) (== netstandard2.0)
      System.Runtime (>= 4.3) - restriction: || (&& (== net472) (< net45)) (== netcoreapp2.2) (== netstandard2.0)
    System.Reflection.Emit.ILGeneration (4.3) - restriction: || (&& (== net472) (< net35)) (&& (== net472) (>= netcoreapp1.0)) (== netcoreapp2.2) (== netstandard2.0)
      System.Reflection (>= 4.3) - restriction: || (&& (== net472) (< net45)) (== netcoreapp2.2) (== netstandard2.0)
      System.Reflection.Primitives (>= 4.3) - restriction: || (&& (== net472) (< net45)) (== netcoreapp2.2) (== netstandard2.0)
      System.Runtime (>= 4.3) - restriction: || (&& (== net472) (< net45)) (== netcoreapp2.2) (== netstandard2.0)
    System.Reflection.Emit.Lightweight (4.3) - restriction: || (&& (== net472) (< net35)) (&& (== net472) (>= netcoreapp1.0)) (== netcoreapp2.2) (== netstandard2.0)
      System.Reflection (>= 4.3) - restriction: || (&& (== net472) (< net45)) (== netcoreapp2.2) (== netstandard2.0)
      System.Reflection.Emit.ILGeneration (>= 4.3) - restriction: || (&& (== net472) (< net45)) (== netcoreapp2.2) (== netstandard2.0)
      System.Reflection.Primitives (>= 4.3) - restriction: || (&& (== net472) (< net45)) (== netcoreapp2.2) (== netstandard2.0)
      System.Runtime (>= 4.3) - restriction: || (&& (== net472) (< net45)) (== netcoreapp2.2) (== netstandard2.0)
    System.Reflection.Extensions (4.3) - restriction: || (&& (== net472) (< net35)) (&& (== net472) (>= netcoreapp1.0)) (== netcoreapp2.2) (== netstandard2.0)
      Microsoft.NETCore.Platforms (>= 1.1) - restriction: || (&& (== net472) (< net45)) (== netcoreapp2.2) (== netstandard2.0)
      Microsoft.NETCore.Targets (>= 1.1) - restriction: || (&& (== net472) (< net45)) (== netcoreapp2.2) (== netstandard2.0)
      System.Reflection (>= 4.3) - restriction: || (&& (== net472) (< net45)) (== netcoreapp2.2) (== netstandard2.0)
      System.Runtime (>= 4.3) - restriction: || (&& (== net472) (< net45)) (== netcoreapp2.2) (== netstandard2.0)
    System.Reflection.Metadata (1.6) - restriction: || (&& (== net472) (>= netcoreapp1.0)) (== netcoreapp2.2) (&& (== netstandard2.0) (>= netcoreapp1.0))
    System.Reflection.Primitives (4.3) - restriction: || (&& (== net472) (< net35)) (&& (== net472) (>= netcoreapp1.0)) (== netcoreapp2.2) (== netstandard2.0)
      Microsoft.NETCore.Platforms (>= 1.1) - restriction: || (&& (== net472) (< net45)) (== netcoreapp2.2) (== netstandard2.0)
      Microsoft.NETCore.Targets (>= 1.1) - restriction: || (&& (== net472) (< net45)) (== netcoreapp2.2) (== netstandard2.0)
      System.Runtime (>= 4.3) - restriction: || (&& (== net472) (< net45)) (== netcoreapp2.2) (== netstandard2.0)
    System.Reflection.TypeExtensions (4.5.1) - restriction: || (&& (== net472) (< net35)) (&& (== net472) (>= netcoreapp1.0)) (== netcoreapp2.2) (== netstandard2.0)
    System.Resources.ResourceManager (4.3) - restriction: || (&& (== net472) (< net45)) (&& (== net472) (< net451)) (&& (== net472) (>= netcoreapp1.0)) (== netcoreapp2.2) (== netstandard2.0)
      Microsoft.NETCore.Platforms (>= 1.1) - restriction: || (&& (== net472) (< net45)) (== netcoreapp2.2) (== netstandard2.0)
      Microsoft.NETCore.Targets (>= 1.1) - restriction: || (&& (== net472) (< net45)) (== netcoreapp2.2) (== netstandard2.0)
      System.Globalization (>= 4.3) - restriction: || (&& (== net472) (< net45)) (== netcoreapp2.2) (== netstandard2.0)
      System.Reflection (>= 4.3) - restriction: || (&& (== net472) (< net45)) (== netcoreapp2.2) (== netstandard2.0)
      System.Runtime (>= 4.3) - restriction: || (&& (== net472) (< net45)) (== netcoreapp2.2) (== netstandard2.0)
    System.Runtime (4.3.1) - restriction: || (&& (== net472) (< net45)) (&& (== net472) (>= netcoreapp1.0)) (== netcoreapp2.2) (== netstandard2.0)
      Microsoft.NETCore.Platforms (>= 1.1.1) - restriction: || (&& (== net472) (< net45)) (== netcoreapp2.2) (== netstandard2.0)
      Microsoft.NETCore.Targets (>= 1.1.3) - restriction: || (&& (== net472) (< net45)) (== netcoreapp2.2) (== netstandard2.0)
    System.Runtime.CompilerServices.Unsafe (4.5.2)
    System.Runtime.Extensions (4.3.1)
      Microsoft.NETCore.Platforms (>= 1.1.1) - restriction: || (&& (== net472) (< net45)) (== netcoreapp2.2) (== netstandard2.0)
      Microsoft.NETCore.Targets (>= 1.1.3) - restriction: || (&& (== net472) (< net45)) (== netcoreapp2.2) (== netstandard2.0)
      System.Runtime (>= 4.3.1) - restriction: || (&& (== net472) (< net45)) (== netcoreapp2.2) (== netstandard2.0)
    System.Runtime.Handles (4.3) - restriction: || (&& (== net472) (>= netcoreapp1.0)) (== netcoreapp2.2) (&& (== netstandard2.0) (>= netcoreapp1.0))
      Microsoft.NETCore.Platforms (>= 1.1) - restriction: || (&& (== net472) (< net46)) (== netcoreapp2.2) (== netstandard2.0)
      Microsoft.NETCore.Targets (>= 1.1) - restriction: || (&& (== net472) (< net46)) (== netcoreapp2.2) (== netstandard2.0)
      System.Runtime (>= 4.3) - restriction: || (&& (== net472) (< net46)) (== netcoreapp2.2) (== netstandard2.0)
    System.Runtime.InteropServices (4.3) - restriction: || (&& (== net472) (< net45)) (&& (== net472) (>= netcoreapp1.0)) (== netcoreapp2.2) (== netstandard2.0)
      Microsoft.NETCore.Platforms (>= 1.1) - restriction: || (&& (== net472) (< net45)) (&& (== net472) (>= netcoreapp1.1)) (== netcoreapp2.2) (== netstandard2.0)
      Microsoft.NETCore.Targets (>= 1.1) - restriction: || (&& (== net472) (< net45)) (&& (== net472) (>= netcoreapp1.1)) (== netcoreapp2.2) (== netstandard2.0)
      System.Reflection (>= 4.3) - restriction: || (&& (== net472) (< net45)) (&& (== net472) (>= netcoreapp1.1)) (== netcoreapp2.2) (== netstandard2.0)
      System.Reflection.Primitives (>= 4.3) - restriction: || (&& (== net472) (< net45)) (&& (== net472) (>= netcoreapp1.1)) (== netcoreapp2.2) (== netstandard2.0)
      System.Runtime (>= 4.3)
      System.Runtime.Handles (>= 4.3) - restriction: || (&& (== net472) (< net45)) (&& (== net472) (>= netcoreapp1.1)) (== netcoreapp2.2) (== netstandard2.0)
    System.Runtime.InteropServices.RuntimeInformation (4.3) - restriction: || (&& (== net472) (>= netcoreapp1.0)) (== netcoreapp2.2) (&& (== netstandard2.0) (>= netcoreapp1.0))
      runtime.native.System (>= 4.3) - restriction: || (&& (== net472) (< net45)) (== netcoreapp2.2) (== netstandard2.0)
      System.Reflection (>= 4.3) - restriction: || (&& (== net472) (< net45)) (== netcoreapp2.2) (== netstandard2.0)
      System.Reflection.Extensions (>= 4.3) - restriction: || (&& (== net472) (< net45)) (== netcoreapp2.2) (== netstandard2.0)
      System.Resources.ResourceManager (>= 4.3) - restriction: || (&& (== net472) (< net45)) (== netcoreapp2.2) (== netstandard2.0)
      System.Runtime (>= 4.3) - restriction: || (&& (== net472) (< net45)) (== netcoreapp2.2) (== netstandard2.0)
      System.Runtime.InteropServices (>= 4.3) - restriction: || (&& (== net472) (< net45)) (== netcoreapp2.2) (== netstandard2.0)
      System.Threading (>= 4.3) - restriction: || (&& (== net472) (< net45)) (== netcoreapp2.2) (== netstandard2.0)
    System.Runtime.InteropServices.WindowsRuntime (4.3) - restriction: || (&& (== net472) (< net46)) (== netcoreapp2.2) (== netstandard2.0)
      System.Runtime (>= 4.3) - restriction: || (&& (== net472) (< net45)) (== netcoreapp2.2) (== netstandard2.0)
    System.Runtime.Loader (4.3) - restriction: || (&& (== net472) (>= netcoreapp1.0)) (== netcoreapp2.2) (&& (== netstandard2.0) (>= netcoreapp1.0))
      System.IO (>= 4.3) - restriction: || (&& (== net472) (< net462)) (== netcoreapp2.2) (== netstandard2.0)
      System.Reflection (>= 4.3) - restriction: || (&& (== net472) (< net462)) (== netcoreapp2.2) (== netstandard2.0)
      System.Runtime (>= 4.3) - restriction: || (&& (== net472) (< net462)) (== netcoreapp2.2) (== netstandard2.0)
    System.Runtime.Serialization.Json (4.3) - restriction: || (&& (== net472) (>= netcoreapp1.0)) (== netcoreapp2.2) (&& (== netstandard2.0) (>= netcoreapp1.0))
      System.IO (>= 4.3) - restriction: || (&& (== net472) (< net45)) (== netcoreapp2.2) (== netstandard2.0)
      System.Private.DataContractSerialization (>= 4.3) - restriction: || (&& (== net472) (< net45)) (== netcoreapp2.2) (== netstandard2.0)
      System.Runtime (>= 4.3) - restriction: || (&& (== net472) (< net45)) (== netcoreapp2.2) (== netstandard2.0)
    System.Runtime.Serialization.Primitives (4.3) - restriction: || (&& (== net472) (>= netcoreapp1.0)) (== netcoreapp2.2) (&& (== netstandard2.0) (>= netcoreapp1.0))
      System.Resources.ResourceManager (>= 4.3) - restriction: || (&& (== net472) (< net45)) (== netcoreapp2.2) (== netstandard2.0)
      System.Runtime (>= 4.3) - restriction: || (&& (== net472) (< net45)) (== netcoreapp2.2) (== netstandard2.0)
    System.Security.AccessControl (4.5) - restriction: || (&& (== net472) (>= monoandroid)) (&& (== net472) (>= monotouch)) (&& (== net472) (< net45)) (&& (== net472) (>= netcoreapp2.0)) (&& (== net472) (>= xamarintvos)) (&& (== net472) (>= xamarinwatchos)) (== netcoreapp2.2) (== netstandard2.0)
      Microsoft.NETCore.Platforms (>= 2.0) - restriction: || (&& (== net472) (>= netcoreapp2.0)) (== netcoreapp2.2) (&& (== netstandard2.0) (>= netcoreapp2.0))
      System.Security.Principal.Windows (>= 4.5)
    System.Security.Cryptography.ProtectedData (4.5) - restriction: || (&& (== net472) (< net45)) (&& (== net472) (>= netcoreapp2.0)) (== netcoreapp2.2) (== netstandard2.0)
      System.Memory (>= 4.5) - restriction: || (&& (== net472) (< net46)) (&& (== netcoreapp2.2) (< netcoreapp2.1)) (== netstandard2.0)
    System.Security.Permissions (4.5) - restriction: || (&& (== net472) (>= monoandroid)) (&& (== net472) (>= monotouch)) (&& (== net472) (< net45)) (&& (== net472) (>= netcoreapp2.0)) (&& (== net472) (>= xamarintvos)) (&& (== net472) (>= xamarinwatchos)) (== netcoreapp2.2) (== netstandard2.0)
      System.Security.AccessControl (>= 4.5)
    System.Security.Principal.Windows (4.5.1) - restriction: || (&& (== net472) (< net451)) (&& (== net472) (>= netcoreapp2.0)) (== netcoreapp2.2) (== netstandard2.0)
      Microsoft.NETCore.Platforms (>= 2.0) - restriction: || (&& (== net472) (>= netcoreapp2.0)) (== netcoreapp2.2) (&& (== netstandard2.0) (>= netcoreapp2.0))
    System.Text.Encoding (4.3) - restriction: || (&& (== net472) (< net45)) (&& (== net472) (>= netcoreapp1.0)) (== netcoreapp2.2) (== netstandard2.0)
      Microsoft.NETCore.Platforms (>= 1.1) - restriction: || (&& (== net472) (< net45)) (== netcoreapp2.2) (== netstandard2.0)
      Microsoft.NETCore.Targets (>= 1.1) - restriction: || (&& (== net472) (< net45)) (== netcoreapp2.2) (== netstandard2.0)
      System.Runtime (>= 4.3) - restriction: || (&& (== net472) (< net45)) (== netcoreapp2.2) (== netstandard2.0)
    System.Text.Encoding.CodePages (4.5.1) - restriction: || (&& (== net472) (< net451)) (&& (== net472) (>= netcoreapp2.0)) (== netcoreapp2.2) (== netstandard2.0)
      Microsoft.NETCore.Platforms (>= 2.1.2) - restriction: || (&& (== net472) (>= netcoreapp2.0)) (== netcoreapp2.2) (&& (== netstandard2.0) (>= netcoreapp2.0))
      System.Runtime.CompilerServices.Unsafe (>= 4.5.2)
    System.Text.Encoding.Extensions (4.3) - restriction: || (&& (== net472) (< net45)) (&& (== net472) (>= netcoreapp1.0)) (== netcoreapp2.2) (== netstandard2.0)
      Microsoft.NETCore.Platforms (>= 1.1) - restriction: || (&& (== net472) (< net45)) (== netcoreapp2.2) (== netstandard2.0)
      Microsoft.NETCore.Targets (>= 1.1) - restriction: || (&& (== net472) (< net45)) (== netcoreapp2.2) (== netstandard2.0)
      System.Runtime (>= 4.3) - restriction: || (&& (== net472) (< net45)) (== netcoreapp2.2) (== netstandard2.0)
      System.Text.Encoding (>= 4.3) - restriction: || (&& (== net472) (< net45)) (== netcoreapp2.2) (== netstandard2.0)
    System.Text.Encodings.Web (4.5)
    System.Text.RegularExpressions (4.3.1) - restriction: || (&& (== net472) (< net451)) (&& (== net472) (>= netcoreapp1.0)) (== netcoreapp2.2) (== netstandard2.0)
      System.Collections (>= 4.3) - restriction: || (&& (== net472) (< net45)) (&& (== netcoreapp2.2) (< netcoreapp1.1)) (== netstandard2.0)
      System.Globalization (>= 4.3) - restriction: || (&& (== net472) (< net45)) (&& (== netcoreapp2.2) (< netcoreapp1.1)) (== netstandard2.0)
      System.Resources.ResourceManager (>= 4.3) - restriction: || (&& (== net472) (< net45)) (&& (== netcoreapp2.2) (< netcoreapp1.1)) (== netstandard2.0)
      System.Runtime (>= 4.3.1) - restriction: || (&& (== net472) (< net45)) (&& (== net472) (>= netcoreapp1.1)) (== netcoreapp2.2) (== netstandard2.0)
      System.Runtime.Extensions (>= 4.3.1) - restriction: || (&& (== net472) (< net45)) (&& (== netcoreapp2.2) (< netcoreapp1.1)) (== netstandard2.0)
      System.Threading (>= 4.3) - restriction: || (&& (== net472) (< net45)) (&& (== netcoreapp2.2) (< netcoreapp1.1)) (== netstandard2.0)
    System.Threading (4.3) - restriction: || (&& (== net472) (< net35)) (&& (== net472) (< net45)) (&& (== net472) (>= netcoreapp1.0)) (== netcoreapp2.2) (== netstandard2.0)
      System.Runtime (>= 4.3) - restriction: || (&& (== net472) (< net45)) (== netcoreapp2.2) (== netstandard2.0)
      System.Threading.Tasks (>= 4.3) - restriction: || (&& (== net472) (< net45)) (== netcoreapp2.2) (== netstandard2.0)
    System.Threading.Tasks (4.3) - restriction: || (&& (== net472) (< net451)) (&& (== net472) (>= netcoreapp1.0)) (== netcoreapp2.2) (== netstandard2.0)
      Microsoft.NETCore.Platforms (>= 1.1) - restriction: || (&& (== net472) (< net45)) (== netcoreapp2.2) (== netstandard2.0)
      Microsoft.NETCore.Targets (>= 1.1) - restriction: || (&& (== net472) (< net45)) (== netcoreapp2.2) (== netstandard2.0)
      System.Runtime (>= 4.3) - restriction: || (&& (== net472) (< net45)) (== netcoreapp2.2) (== netstandard2.0)
    System.Threading.Tasks.Dataflow (4.9)
    System.Threading.Tasks.Extensions (4.5.3)
      System.Runtime.CompilerServices.Unsafe (>= 4.5.2) - restriction: || (== net472) (&& (== netcoreapp2.2) (>= net45)) (&& (== netcoreapp2.2) (< netcoreapp2.1)) (&& (== netcoreapp2.2) (< netstandard1.0)) (&& (== netcoreapp2.2) (< netstandard2.0)) (&& (== netcoreapp2.2) (>= wp8)) (== netstandard2.0)
    System.Threading.Thread (4.3) - restriction: || (&& (== net472) (>= netcoreapp1.0)) (== netcoreapp2.2) (&& (== netstandard2.0) (>= netcoreapp1.0))
      System.Runtime (>= 4.3) - restriction: || (&& (== net472) (< net46)) (== netcoreapp2.2) (== netstandard2.0)
    System.Threading.ThreadPool (4.3) - restriction: || (&& (== net472) (>= netcoreapp1.0)) (== netcoreapp2.2) (&& (== netstandard2.0) (>= netcoreapp1.0))
      System.Runtime (>= 4.3) - restriction: || (&& (== net472) (< net46)) (== netcoreapp2.2) (== netstandard2.0)
      System.Runtime.Handles (>= 4.3) - restriction: || (&& (== net472) (< net46)) (== netcoreapp2.2) (== netstandard2.0)
    System.ValueTuple (4.5) - restriction: || (== net472) (&& (== netcoreapp2.2) (>= net46)) (&& (== netcoreapp2.2) (>= uap10.0)) (&& (== netstandard2.0) (>= net46)) (&& (== netstandard2.0) (>= uap10.0))
    System.Xml.ReaderWriter (4.3.1)
      System.Collections (>= 4.3) - restriction: || (&& (== net472) (< net45)) (== netcoreapp2.2) (== netstandard2.0)
      System.Diagnostics.Debug (>= 4.3) - restriction: || (&& (== net472) (< net45)) (== netcoreapp2.2) (== netstandard2.0)
      System.Globalization (>= 4.3) - restriction: || (&& (== net472) (< net45)) (== netcoreapp2.2) (== netstandard2.0)
      System.IO (>= 4.3) - restriction: || (&& (== net472) (< net45)) (== netcoreapp2.2) (== netstandard2.0)
      System.IO.FileSystem (>= 4.3) - restriction: || (&& (== net472) (< net45)) (== netcoreapp2.2) (== netstandard2.0)
      System.IO.FileSystem.Primitives (>= 4.3) - restriction: || (&& (== net472) (< net45)) (== netcoreapp2.2) (== netstandard2.0)
      System.Resources.ResourceManager (>= 4.3) - restriction: || (&& (== net472) (< net45)) (== netcoreapp2.2) (== netstandard2.0)
      System.Runtime (>= 4.3) - restriction: || (&& (== net472) (< net45)) (== netcoreapp2.2) (== netstandard2.0)
      System.Runtime.Extensions (>= 4.3) - restriction: || (&& (== net472) (< net45)) (== netcoreapp2.2) (== netstandard2.0)
      System.Runtime.InteropServices (>= 4.3) - restriction: || (&& (== net472) (< net45)) (== netcoreapp2.2) (== netstandard2.0)
      System.Text.Encoding (>= 4.3) - restriction: || (&& (== net472) (< net45)) (== netcoreapp2.2) (== netstandard2.0)
      System.Text.Encoding.Extensions (>= 4.3) - restriction: || (&& (== net472) (< net45)) (== netcoreapp2.2) (== netstandard2.0)
      System.Text.RegularExpressions (>= 4.3) - restriction: || (&& (== net472) (< net45)) (== netcoreapp2.2) (== netstandard2.0)
      System.Threading.Tasks (>= 4.3) - restriction: || (&& (== net472) (< net45)) (== netcoreapp2.2) (== netstandard2.0)
      System.Threading.Tasks.Extensions (>= 4.3) - restriction: || (&& (== net472) (< net45)) (== netcoreapp2.2) (== netstandard2.0)
    System.Xml.XDocument (4.3) - restriction: || (&& (== net472) (>= netcoreapp1.0)) (== netcoreapp2.2) (&& (== netstandard2.0) (>= netcoreapp1.0))
      System.Collections (>= 4.3) - restriction: || (&& (== net472) (< net45)) (== netcoreapp2.2) (== netstandard2.0)
      System.Diagnostics.Debug (>= 4.3) - restriction: || (&& (== net472) (< net45)) (== netcoreapp2.2) (== netstandard2.0)
      System.Diagnostics.Tools (>= 4.3) - restriction: || (&& (== net472) (< net45)) (== netcoreapp2.2) (== netstandard2.0)
      System.Globalization (>= 4.3) - restriction: || (&& (== net472) (< net45)) (== netcoreapp2.2) (== netstandard2.0)
      System.IO (>= 4.3) - restriction: || (&& (== net472) (< net45)) (== netcoreapp2.2) (== netstandard2.0)
      System.Reflection (>= 4.3) - restriction: || (&& (== net472) (< net45)) (== netcoreapp2.2) (== netstandard2.0)
      System.Resources.ResourceManager (>= 4.3) - restriction: || (&& (== net472) (< net45)) (== netcoreapp2.2) (== netstandard2.0)
      System.Runtime (>= 4.3) - restriction: || (&& (== net472) (< net45)) (== netcoreapp2.2) (== netstandard2.0)
      System.Runtime.Extensions (>= 4.3) - restriction: || (&& (== net472) (< net45)) (== netcoreapp2.2) (== netstandard2.0)
      System.Text.Encoding (>= 4.3) - restriction: || (&& (== net472) (< net45)) (== netcoreapp2.2) (== netstandard2.0)
      System.Threading (>= 4.3) - restriction: || (&& (== net472) (< net45)) (== netcoreapp2.2) (== netstandard2.0)
      System.Xml.ReaderWriter (>= 4.3) - restriction: || (&& (== net472) (< net45)) (== netcoreapp2.2) (== netstandard2.0)
    System.Xml.XmlDocument (4.3) - restriction: || (&& (== net472) (>= netcoreapp1.0)) (== netcoreapp2.2) (&& (== netstandard2.0) (>= netcoreapp1.0))
      System.Collections (>= 4.3) - restriction: || (&& (== net472) (< net46)) (== netcoreapp2.2) (== netstandard2.0)
      System.Diagnostics.Debug (>= 4.3) - restriction: || (&& (== net472) (< net46)) (== netcoreapp2.2) (== netstandard2.0)
      System.Globalization (>= 4.3) - restriction: || (&& (== net472) (< net46)) (== netcoreapp2.2) (== netstandard2.0)
      System.IO (>= 4.3) - restriction: || (&& (== net472) (< net46)) (== netcoreapp2.2) (== netstandard2.0)
      System.Resources.ResourceManager (>= 4.3) - restriction: || (&& (== net472) (< net46)) (== netcoreapp2.2) (== netstandard2.0)
      System.Runtime (>= 4.3) - restriction: || (&& (== net472) (< net46)) (== netcoreapp2.2) (== netstandard2.0)
      System.Runtime.Extensions (>= 4.3) - restriction: || (&& (== net472) (< net46)) (== netcoreapp2.2) (== netstandard2.0)
      System.Text.Encoding (>= 4.3) - restriction: || (&& (== net472) (< net46)) (== netcoreapp2.2) (== netstandard2.0)
      System.Threading (>= 4.3) - restriction: || (&& (== net472) (< net46)) (== netcoreapp2.2) (== netstandard2.0)
      System.Xml.ReaderWriter (>= 4.3) - restriction: || (&& (== net472) (< net46)) (== netcoreapp2.2) (== netstandard2.0)
    System.Xml.XmlSerializer (4.3) - restriction: || (&& (== net472) (>= netcoreapp1.0)) (== netcoreapp2.2) (&& (== netstandard2.0) (>= netcoreapp1.0))
      System.Collections (>= 4.3) - restriction: || (&& (== net472) (< net45)) (== netcoreapp2.2) (== netstandard2.0)
      System.Globalization (>= 4.3) - restriction: || (&& (== net472) (< net45)) (== netcoreapp2.2) (== netstandard2.0)
      System.IO (>= 4.3) - restriction: || (&& (== net472) (< net45)) (== netcoreapp2.2) (== netstandard2.0)
      System.Linq (>= 4.3) - restriction: || (&& (== net472) (< net45)) (== netcoreapp2.2) (== netstandard2.0)
      System.Reflection (>= 4.3) - restriction: || (&& (== net472) (< net45)) (== netcoreapp2.2) (== netstandard2.0)
      System.Reflection.Emit (>= 4.3) - restriction: || (&& (== net472) (< net45)) (== netcoreapp2.2) (== netstandard2.0)
      System.Reflection.Emit.ILGeneration (>= 4.3) - restriction: || (&& (== net472) (< net45)) (== netcoreapp2.2) (== netstandard2.0)
      System.Reflection.Extensions (>= 4.3) - restriction: || (&& (== net472) (< net45)) (== netcoreapp2.2) (== netstandard2.0)
      System.Reflection.Primitives (>= 4.3) - restriction: || (&& (== net472) (< net45)) (== netcoreapp2.2) (== netstandard2.0)
      System.Reflection.TypeExtensions (>= 4.3) - restriction: || (&& (== net472) (< net45)) (== netcoreapp2.2) (== netstandard2.0)
      System.Resources.ResourceManager (>= 4.3) - restriction: || (&& (== net472) (< net45)) (== netcoreapp2.2) (== netstandard2.0)
      System.Runtime (>= 4.3) - restriction: || (&& (== net472) (< net45)) (== netcoreapp2.2) (== netstandard2.0)
      System.Runtime.Extensions (>= 4.3) - restriction: || (&& (== net472) (< net45)) (== netcoreapp2.2) (== netstandard2.0)
      System.Text.RegularExpressions (>= 4.3) - restriction: || (&& (== net472) (< net45)) (== netcoreapp2.2) (== netstandard2.0)
      System.Threading (>= 4.3) - restriction: || (&& (== net472) (< net45)) (== netcoreapp2.2) (== netstandard2.0)
      System.Xml.ReaderWriter (>= 4.3) - restriction: || (&& (== net472) (< net45)) (== netcoreapp2.2) (== netstandard2.0)
      System.Xml.XmlDocument (>= 4.3) - restriction: || (&& (== net472) (< net45)) (== netcoreapp2.2) (== netstandard2.0)
    System.Xml.XPath (4.3) - restriction: || (&& (== net472) (>= netcoreapp1.0)) (== netcoreapp2.2) (&& (== netstandard2.0) (>= netcoreapp1.0))
      System.Collections (>= 4.3) - restriction: || (&& (== net472) (< net46)) (== netcoreapp2.2) (== netstandard2.0)
      System.Diagnostics.Debug (>= 4.3) - restriction: || (&& (== net472) (< net46)) (== netcoreapp2.2) (== netstandard2.0)
      System.Globalization (>= 4.3) - restriction: || (&& (== net472) (< net46)) (== netcoreapp2.2) (== netstandard2.0)
      System.IO (>= 4.3) - restriction: || (&& (== net472) (< net46)) (== netcoreapp2.2) (== netstandard2.0)
      System.Resources.ResourceManager (>= 4.3) - restriction: || (&& (== net472) (< net46)) (== netcoreapp2.2) (== netstandard2.0)
      System.Runtime (>= 4.3) - restriction: || (&& (== net472) (< net46)) (== netcoreapp2.2) (== netstandard2.0)
      System.Runtime.Extensions (>= 4.3) - restriction: || (&& (== net472) (< net46)) (== netcoreapp2.2) (== netstandard2.0)
      System.Threading (>= 4.3) - restriction: || (&& (== net472) (< net46)) (== netcoreapp2.2) (== netstandard2.0)
      System.Xml.ReaderWriter (>= 4.3) - restriction: || (&& (== net472) (< net46)) (== netcoreapp2.2) (== netstandard2.0)
    System.Xml.XPath.XmlDocument (4.3) - restriction: || (&& (== net472) (>= netcoreapp1.0)) (== netcoreapp2.2) (&& (== netstandard2.0) (>= netcoreapp1.0))
      System.Collections (>= 4.3) - restriction: || (&& (== net472) (< net46)) (== netcoreapp2.2) (== netstandard2.0)
      System.Globalization (>= 4.3) - restriction: || (&& (== net472) (< net46)) (== netcoreapp2.2) (== netstandard2.0)
      System.IO (>= 4.3) - restriction: || (&& (== net472) (< net46)) (== netcoreapp2.2) (== netstandard2.0)
      System.Resources.ResourceManager (>= 4.3) - restriction: || (&& (== net472) (< net46)) (== netcoreapp2.2) (== netstandard2.0)
      System.Runtime (>= 4.3) - restriction: || (&& (== net472) (< net46)) (== netcoreapp2.2) (== netstandard2.0)
      System.Runtime.Extensions (>= 4.3) - restriction: || (&& (== net472) (< net46)) (== netcoreapp2.2) (== netstandard2.0)
      System.Threading (>= 4.3) - restriction: || (&& (== net472) (< net46)) (== netcoreapp2.2) (== netstandard2.0)
      System.Xml.ReaderWriter (>= 4.3) - restriction: || (&& (== net472) (< net46)) (== netcoreapp2.2) (== netstandard2.0)
      System.Xml.XmlDocument (>= 4.3)
      System.Xml.XPath (>= 4.3)
    xunit (2.4.1)
      xunit.analyzers (>= 0.10)
      xunit.assert (2.4.1)
      xunit.core (2.4.1)
    xunit.abstractions (2.0.3)
    xunit.analyzers (0.10)
    xunit.assert (2.4.1)
      NETStandard.Library (>= 1.6.1) - restriction: || (&& (== net472) (< net452)) (== netcoreapp2.2) (== netstandard2.0)
    xunit.categories (2.0.4)
      xunit (>= 2.3.1)
    xunit.core (2.4.1)
      xunit.extensibility.core (2.4.1)
      xunit.extensibility.execution (2.4.1)
    xunit.extensibility.core (2.4.1)
      NETStandard.Library (>= 1.6.1) - restriction: || (&& (== net472) (< net452)) (== netcoreapp2.2) (== netstandard2.0)
      xunit.abstractions (>= 2.0.3)
    xunit.extensibility.execution (2.4.1)
      NETStandard.Library (>= 1.6.1) - restriction: || (&& (== net472) (< net452)) (== netcoreapp2.2) (== netstandard2.0)
      xunit.extensibility.core (2.4.1)
    xunit.runner.visualstudio (2.4.1)
      Microsoft.NET.Test.Sdk (>= 15.0) - restriction: || (&& (== net472) (>= netcoreapp1.0)) (== netcoreapp2.2) (&& (== netstandard2.0) (>= netcoreapp1.0))
